GEM
  remote: https://rubygems.org/
  specs:
    CFPropertyList (3.0.2)
    atomos (0.1.3)
    claide (1.0.3)
    colored2 (3.1.2)
    ib (1.0.1)
      thor (~> 0.19.1)
      tilt (~> 2.0.3)
      xcodeproj (~> 1.0)
    motion-facon (0.5.0.1)
    nanaimo (0.2.6)
    rake (13.0.1)
    sugarcube (4.0.0)
    thor (0.19.4)
    tilt (2.0.10)
    xcodeproj (1.16.0)
      CFPropertyList (>= 2.3.3, < 4.0)
      atomos (~> 0.1.3)
      claide (>= 1.0.2, < 2.0)
      colored2 (~> 3.1)
      nanaimo (~> 0.2.6)

PLATFORMS
  ruby

DEPENDENCIES
  ib
  motion-facon
  rake
  sugarcube

BUNDLED WITH
   2.1.2
